GEM
  remote: https://rubygems.org/
  specs:
    docile (1.1.5)
    dotenv (2.0.2)
    eventmachine (1.0.8)
    faraday (0.9.2)
      multipart-post (>= 1.2, < 3)
    faraday_middleware (0.10.0)
      faraday (>= 0.7.4, < 0.10)
    faye-websocket (0.9.2)
      eventmachine (>= 0.12.0)
      websocket-driver (>= 0.5.1)
    json (1.8.3)
    minitest (5.8.2)
    minitest-power_assert (0.2.0)
      minitest
      power_assert
    multi_json (1.11.2)
    multipart-post (2.0.0)
    power_assert (0.2.6)
    redcarpet (3.3.3)
    simplecov (0.10.0)
      docile (~> 1.1.0)
      json (~> 1.8)
      simplecov-html (~> 0.10.0)
    simplecov-html (0.10.0)
    slack-api (1.1.6)
      faraday (>= 0.7, < 0.10)
      faraday_middleware (~> 0.8)
      faye-websocket (~> 0.9.2)
      multi_json (~> 1.0, >= 1.0.3)
    websocket-driver (0.6.3)
      websocket-extensions (>= 0.1.0)
    websocket-extensions (0.1.2)

PLATFORMS
  ruby

DEPENDENCIES
  dotenv
  minitest
  minitest-power_assert
  redcarpet
  simplecov
  slack-api (= 1.1.6)

BUNDLED WITH
   1.10.6
